GEM
  remote: https://rubygems.org/
  specs:
    browserstack-local (1.3.0)
    childprocess (1.0.0)
    diff-lcs (1.2.5)
    parallel (1.9.0)
    rake (13.0.1)
    rspec (3.4.0)
      rspec-core (~> 3.4.0)
      rspec-expectations (~> 3.4.0)
      rspec-mocks (~> 3.4.0)
    rspec-core (3.4.4)
      rspec-support (~> 3.4.0)
    rspec-expectations (3.4.0)
      diff-lcs (>= 1.2.0, < 2.0)
      rspec-support (~> 3.4.0)
    rspec-mocks (3.4.1)
      diff-lcs (>= 1.2.0, < 2.0)
      rspec-support (~> 3.4.0)
    rspec-support (3.4.1)
    rubyzip (1.3.0)
    selenium-webdriver (3.141.5926)
      childprocess (>= 0.5, < 2.0)
      rubyzip (~> 1.2, >= 1.2.2)

PLATFORMS
  ruby

DEPENDENCIES
  browserstack-local (= 1.3.0)
  parallel
  rake (= 13.0.1)
  rspec
  rspec-core (~> 3.4.4)
  selenium-webdriver (= 3.141.5926)

BUNDLED WITH
   1.17.3
